GIT
  remote: git://github.com/SCPR/asset_host_client.git
  revision: 8b54cd1ea506ceddc42cea835b672ecb97e0891c
  specs:
    asset_host_client (1.2.0)
      faraday (~> 0.8)
      faraday_middleware (~> 0.8)
      rails (>= 3.0)

GIT
  remote: git://github.com/SCPR/audio_vision-ruby.git
  revision: bf9bf585b92e7c788669c32fedb022cc2bdf3ab5
  specs:
    audio_vision (1.0.0)
      faraday (~> 0.8.8)
      faraday_middleware (~> 0.9.0)

GIT
  remote: git://github.com/SCPR/embeditor-rails.git
  revision: bb0652b2a09c5962561dae2a78827fcaa04472da
  specs:
    embeditor-rails (2.0.0.beta)
      actionpack (>= 3.2.0, < 5)
      coffee-rails (>= 3.2.0, < 5)
      eco (~> 1.0.0)

GIT
  remote: git://github.com/SCPR/outpost-aggregator.git
  revision: 55df2f010728f678927597d06ba96a0b583037c9
  specs:
    outpost-aggregator (1.1.3)

GIT
  remote: git://github.com/SCPR/outpost-asset_host.git
  revision: 612b8a5d058049acba7e6d4f8b753d00d630bea0
  specs:
    outpost-asset_host (1.1.1)

GIT
  remote: git://github.com/SCPR/outpost-publishing.git
  revision: 3612ce1f4a17f127734c6d006bb3347ce9384850
  specs:
    outpost-publishing (1.0.0)

GIT
  remote: git://github.com/SCPR/outpost.git
  revision: fcbd66798e4c5938741b6c837ead393028fef3a3
  specs:
    outpost-cms (0.0.5)
      bcrypt-ruby (>= 3.0.0, < 4)
      jquery-rails (~> 3.0)
      rails (>= 3.2, < 5)
      select2-rails (= 3.4.1)

GIT
  remote: git://github.com/SCPR/redis-content-store.git
  revision: a8bb4368588df8f13b0f427c5cef39f68fa36b64
  specs:
    redis-content-store (0.2.0)
      redis-activesupport (>= 3.2.0, < 5)

GIT
  remote: git://github.com/SCPR/secretary-rails.git
  revision: 7b5a0ad569fcaba3601274b1ccc807898bbcf7fc
  specs:
    secretary-rails (1.0.1)
      activerecord (>= 3.2.0)
      diffy (~> 3.0.1)
      railties (>= 3.2.0)

GIT
  remote: git://github.com/amatsuda/kaminari.git
  revision: 705d93a2a329772046612d29a0d8983697532d27
  specs:
    kaminari (0.15.1)
      actionpack (>= 3.0.0)
      activesupport (>= 3.0.0)

GIT
  remote: git://github.com/bricker/dbsync.git
  revision: dc654f3d790ec7e97c6d0f34211a6961c6e2341b
  specs:
    dbsync (0.2.0)
      activerecord (>= 3.2.8)
      cocaine (~> 0.5.3)
      railties (>= 3.2.8)

GIT
  remote: git://github.com/bricker/npr.git
  revision: a6a4fbfd16a3d5165a84008754e3b3c5ba9c3d3b
  specs:
    npr (2.0.0)
      faraday (>= 0.8.0)
      faraday_middleware (>= 0.9.0)

GIT
  remote: git://github.com/bricker/riddle.git
  revision: c5e262c7766d1fc9b93ae1ec078fc0964b395952
  branch: fix-empty-array-filter
  specs:
    riddle (1.5.9)

GEM
  remote: https://rubygems.org/
  specs:
    actionmailer (3.2.17)
      actionpack (= 3.2.17)
      mail (~> 2.5.4)
    actionpack (3.2.17)
      activemodel (= 3.2.17)
      activesupport (= 3.2.17)
      builder (~> 3.0.0)
      erubis (~> 2.7.0)
      journey (~> 1.0.4)
      rack (~> 1.4.5)
      rack-cache (~> 1.2)
      rack-test (~> 0.6.1)
      sprockets (~> 2.2.1)
    activemodel (3.2.17)
      activesupport (= 3.2.17)
      builder (~> 3.0.0)
    activerecord (3.2.17)
      activemodel (= 3.2.17)
      activesupport (= 3.2.17)
      arel (~> 3.0.2)
      tzinfo (~> 0.3.29)
    activeresource (3.2.17)
      activemodel (= 3.2.17)
      activesupport (= 3.2.17)
    activesupport (3.2.17)
      i18n (~> 0.6, >= 0.6.4)
      multi_json (~> 1.0)
    addressable (2.3.5)
    arel (3.0.3)
    bcrypt-ruby (3.0.1)
    bootstrap-sass (2.3.2.2)
      sass (~> 3.2)
    builder (3.0.4)
    capistrano (2.15.5)
      highline
      net-scp (>= 1.0.0)
      net-sftp (>= 2.0.0)
      net-ssh (>= 2.0.14)
      net-ssh-gateway (>= 1.1.0)
    capybara (2.2.1)
      mime-types (>= 1.16)
      nokogiri (>= 1.3.3)
      rack (>= 1.0.0)
      rack-test (>= 0.5.4)
      xpath (~> 2.0)
    carrierwave (0.9.0)
      activemodel (>= 3.2.0)
      activesupport (>= 3.2.0)
      json (>= 1.7)
    chunky_png (1.3.0)
    ckeditor_rails (4.3.1)
      railties (>= 3.0)
    climate_control (0.0.3)
      activesupport (>= 3.0)
    cocaine (0.5.3)
      climate_control (>= 0.0.3, < 1.0)
    coderay (1.1.0)
    coffee-rails (3.2.1)
      coffee-script (>= 2.2.0)
      railties (~> 3.2.0.beta)
    coffee-script (2.2.0)
      coffee-script-source
      execjs
    coffee-script-source (1.7.0)
    compass (0.12.2)
      chunky_png (~> 1.2)
      fssm (>= 0.2.7)
      sass (~> 3.1)
    compass-rails (1.1.3)
      compass (>= 0.12.2)
    crack (0.4.2)
      safe_yaml (~> 1.0.0)
    database_cleaner (1.2.0)
    diff-lcs (1.2.5)
    diffy (3.0.1)
    docile (1.1.3)
    eco (1.0.0)
      coffee-script
      eco-source
      execjs
    eco-source (1.1.0.rc.1)
    erubis (2.7.0)
    escape_utils (1.0.1)
    excon (0.31.0)
    execjs (2.0.2)
    factory_girl (4.4.0)
      activesupport (>= 3.0.0)
    factory_girl_rails (4.4.0)
      factory_girl (~> 4.4.0)
      railties (>= 3.0.0)
    faraday (0.8.9)
      multipart-post (~> 1.2.0)
    faraday_middleware (0.9.0)
      faraday (>= 0.7.4, < 0.9)
    ffi (1.9.3)
    formatador (0.2.4)
    fssm (0.2.10)
    guard (1.8.3)
      formatador (>= 0.2.4)
      listen (~> 1.3)
      lumberjack (>= 1.0.2)
      pry (>= 0.9.10)
      thor (>= 0.14.6)
    guard-resque (0.0.5)
      guard (>= 0.8)
      resque
    guard-rspec (3.1.0)
      guard (>= 1.8)
      rspec (~> 2.13)
    hashie (1.2.0)
    highline (1.6.20)
    hike (1.2.3)
    i18n (0.6.9)
    ice_cube (0.11.3)
    innertube (1.1.0)
    iron_core (1.0.3)
      rest (>= 2.6.4)
    iron_mq (4.1.0)
      iron_core (>= 0.5.1)
    jbuilder (2.0.2)
      activesupport (>= 3.0.0)
      multi_json (>= 1.2.0)
    journey (1.0.4)
    jquery-rails (3.1.0)
      railties (>= 3.0, < 5.0)
      thor (>= 0.14, < 2.0)
    json (1.8.1)
    jwt (0.1.11)
      multi_json (>= 1.5)
    launchy (2.4.2)
      addressable (~> 2.3)
    listen (1.3.1)
      rb-fsevent (>= 0.9.3)
      rb-inotify (>= 0.9)
      rb-kqueue (>= 0.2)
    lumberjack (1.0.4)
    mail (2.5.4)
      mime-types (~> 1.16)
      treetop (~> 1.4.8)
    method_source (0.8.2)
    middleware (0.1.0)
    mime-types (1.25.1)
    mini_portile (0.5.2)
    mono_logger (1.1.0)
    multi_json (1.8.4)
    multi_xml (0.5.5)
    multipart-post (1.2.0)
    mysql2 (0.3.15)
    net-http-persistent (2.9.4)
    net-scp (1.1.2)
      net-ssh (>= 2.6.5)
    net-sftp (2.1.2)
      net-ssh (>= 2.6.5)
    net-ssh (2.8.0)
    net-ssh-gateway (1.2.0)
      net-ssh (>= 2.6.5)
    netrc (0.7.7)
    newrelic_rpm (3.7.2.192)
    nokogiri (1.6.1)
      mini_portile (~> 0.5.0)
    oauth2 (0.9.3)
      faraday (>= 0.8, < 0.10)
      jwt (~> 0.1.8)
      multi_json (~> 1.3)
      multi_xml (~> 0.5)
      rack (~> 1.2)
    parse-ruby-client (0.1.15)
      iron_mq
      patron
    patron (0.4.18)
    pmp (0.2.4)
      activesupport
      excon
      faraday
      faraday_middleware
      hashie
      multi_json
      oauth2
      uri_template
    polyglot (0.3.4)
    postmark (1.1.0)
      json
      rake
    postmark-rails (0.6.0)
      actionmailer (>= 3.0.0)
      postmark (~> 1.1.0)
    pry (0.9.12.6)
      coderay (~> 1.0)
      method_source (~> 0.8)
      slop (~> 3.4)
    rack (1.4.5)
    rack-cache (1.2)
      rack (>= 0.4)
    rack-protection (1.5.2)
      rack
    rack-ssl (1.3.3)
      rack
    rack-test (0.6.2)
      rack (>= 1.0)
    rails (3.2.17)
      actionmailer (= 3.2.17)
      actionpack (= 3.2.17)
      activerecord (= 3.2.17)
      activeresource (= 3.2.17)
      activesupport (= 3.2.17)
      bundler (~> 1.0)
      railties (= 3.2.17)
    railties (3.2.17)
      actionpack (= 3.2.17)
      activesupport (= 3.2.17)
      rack-ssl (~> 1.3.2)
      rake (>= 0.8.7)
      rdoc (~> 3.4)
      thor (>= 0.14.6, < 2.0)
    rake (10.1.1)
    rb-fsevent (0.9.4)
    rb-inotify (0.9.3)
      ffi (>= 0.5.0)
    rb-kqueue (0.2.0)
      ffi (>= 0.5.0)
    rdoc (3.12.2)
      json (~> 1.4)
    redis (3.0.7)
    redis-activesupport (3.2.5)
      activesupport (~> 3.2.0)
      redis-store (~> 1.1.0)
    redis-namespace (1.4.1)
      redis (~> 3.0.4)
    redis-store (1.1.4)
      redis (>= 2.2)
    resque (1.26.pre.0)
      mono_logger (~> 1.0)
      multi_json (~> 1.0)
      redis-namespace (~> 1.2)
      sinatra (>= 0.9.2)
      vegas (~> 0.1.2)
    rest (2.7.1)
      net-http-persistent (>= 2.9.1)
      rest_client (>= 1.7.1)
    rest_client (1.7.2)
      netrc (~> 0.7.7)
    rspec (2.14.1)
      rspec-core (~> 2.14.0)
      rspec-expectations (~> 2.14.0)
      rspec-mocks (~> 2.14.0)
    rspec-core (2.14.7)
    rspec-expectations (2.14.5)
      diff-lcs (>= 1.1.3, < 2.0)
    rspec-mocks (2.14.5)
    rspec-rails (2.14.1)
      actionpack (>= 3.0)
      activemodel (>= 3.0)
      activesupport (>= 3.0)
      railties (>= 3.0)
      rspec-core (~> 2.14.0)
      rspec-expectations (~> 2.14.0)
      rspec-mocks (~> 2.14.0)
    ruby-mp3info (0.8.3)
    safe_yaml (1.0.1)
    sanitize (2.1.0)
      nokogiri (>= 1.4.4)
    sass (3.2.14)
    sass-rails (3.2.6)
      railties (~> 3.2.0)
      sass (>= 3.1.10)
      tilt (~> 1.3)
    select2-rails (3.4.1)
      sass-rails
      thor (~> 0.14)
    shoulda-matchers (2.5.0)
      activesupport (>= 3.0.0)
    simple_form (2.1.1)
      actionpack (~> 3.0)
      activemodel (~> 3.0)
    simple_oauth (0.2.0)
    simplecov (0.8.2)
      docile (~> 1.1.0)
      multi_json
      simplecov-html (~> 0.8.0)
    simplecov-html (0.8.0)
    sinatra (1.4.4)
      rack (~> 1.4)
      rack-protection (~> 1.4)
      tilt (~> 1.3, >= 1.3.4)
    slop (3.4.7)
    sprockets (2.2.2)
      hike (~> 1.2)
      multi_json (~> 1.0)
      rack (~> 1.0)
      tilt (~> 1.1, != 1.3.0)
    sqlite3 (1.3.8)
    test_after_commit (0.2.2)
    thinking-sphinx (3.0.6)
      activerecord (>= 3.1.0)
      builder (>= 2.1.2)
      innertube (>= 1.0.2)
      middleware (>= 0.1.0)
      riddle (>= 1.5.9)
    thor (0.18.1)
    tilt (1.4.1)
    treetop (1.4.15)
      polyglot
      polyglot (>= 0.3.1)
    twitter (4.8.1)
      faraday (~> 0.8, < 0.10)
      multi_json (~> 1.0)
      simple_oauth (~> 0.2)
    twitter-text (1.7.0)
      unf (~> 0.1.0)
    tzinfo (0.3.38)
    uglifier (2.4.0)
      execjs (>= 0.3.0)
      json (>= 1.8.0)
    unf (0.1.3)
      unf_ext
    unf_ext (0.0.6)
    uri_template (0.6.0)
    vegas (0.1.11)
      rack (>= 1.0.0)
    webmock (1.17.3)
      addressable (>= 2.2.7)
      crack (>= 0.3.2)
    xpath (2.0.0)
      nokogiri (~> 1.3)

PLATFORMS
  ruby

DEPENDENCIES
  asset_host_client!
  audio_vision!
  bcrypt-ruby (~> 3.0.0)
  bootstrap-sass (~> 2.2)
  capistrano (~> 2.0)
  capybara (~> 2.0)
  carrierwave (~> 0.6)
  ckeditor_rails (~> 4.3.0)
  coffee-rails (~> 3.2)
  compass-rails
  database_cleaner
  dbsync!
  eco (~> 1.0)
  embeditor-rails!
  escape_utils (~> 1.0.1)
  factory_girl_rails
  faraday (~> 0.8)
  faraday_middleware (~> 0.8)
  guard (~> 1.5)
  guard-resque
  guard-rspec
  hashie (~> 1.2.0)
  ice_cube (~> 0.11.0)
  jbuilder
  jquery-rails
  kaminari!
  launchy
  mysql2
  newrelic_rpm
  npr!
  oauth2 (~> 0.8)
  outpost-aggregator!
  outpost-asset_host!
  outpost-cms!
  outpost-publishing!
  parse-ruby-client (~> 0.1.15)
  pmp (~> 0.2.4)
  postmark-rails (~> 0.6.0)
  pry
  rails (~> 3.2)
  rb-fsevent (~> 0.9)
  redis-content-store!
  resque (~> 1.26.pre.0)
  riddle!
  rspec-rails (~> 2.12)
  ruby-mp3info
  sanitize (~> 2.0)
  sass-rails (~> 3.2)
  secretary-rails!
  select2-rails (= 3.4.1)
  shoulda-matchers
  simple_form (~> 2.0)
  simplecov
  sqlite3
  test_after_commit
  thinking-sphinx (~> 3.0.5)
  twitter (~> 4.1)
  twitter-text (~> 1.5)
  uglifier (>= 1.3)
  webmock
