GIT
  remote: git://github.com/SCPR/asset_host_client.git
  revision: 9dbdb15a507c7691c4e760c4d418e0c0168930d2
  specs:
    asset_host_client (1.2.0)
      faraday (~> 0.8)
      faraday_middleware (~> 0.8)
      rails (>= 3.0)

GIT
  remote: git://github.com/SCPR/audio_vision-ruby.git
  revision: b8ef85425fc411fa57aea52d3c55f072df9435b0
  specs:
    audio_vision (1.0.0)
      faraday (~> 0.8.8)
      faraday_middleware (~> 0.9.0)

GIT
  remote: git://github.com/SCPR/embeditor-rails.git
  revision: bf00195a731a53bd2ff8c9eff0ae85bfbea494c6
  specs:
    embeditor-rails (2.0.0.beta)
      actionpack (>= 3.2.0)
      coffee-rails (>= 3.2.0)
      eco (~> 1.0.0)

GIT
  remote: git://github.com/SCPR/outpost-aggregator.git
  revision: 55df2f010728f678927597d06ba96a0b583037c9
  specs:
    outpost-aggregator (1.1.3)

GIT
  remote: git://github.com/SCPR/outpost-asset_host.git
  revision: 612b8a5d058049acba7e6d4f8b753d00d630bea0
  specs:
    outpost-asset_host (1.1.1)

GIT
  remote: git://github.com/SCPR/outpost-publishing.git
  revision: 3612ce1f4a17f127734c6d006bb3347ce9384850
  specs:
    outpost-publishing (1.0.0)

GIT
  remote: git://github.com/SCPR/outpost.git
  revision: 25ae78fc5a78a06ce629ef9617830cbbcd6157d9
  specs:
    outpost-cms (0.0.4)
      bcrypt-ruby (>= 3.0.0)
      jquery-rails
      rails (>= 3.2)
      select2-rails (= 3.4.1)

GIT
  remote: git://github.com/SCPR/redis-content-store.git
  revision: 832770b01456e25bacf73ee9f46d4f080474bb2a
  specs:
    redis-content-store (0.2.0)
      redis-activesupport (~> 4.0.0)

GIT
  remote: git://github.com/SCPR/secretary-rails.git
  revision: b101cb99495ab832ef9268011614f7d7e2169489
  specs:
    secretary-rails (1.0.1)
      activerecord (>= 3.2.0)
      diffy (~> 3.0.1)
      railties (>= 3.2.0)

GIT
  remote: git://github.com/bricker/dbsync.git
  revision: dc654f3d790ec7e97c6d0f34211a6961c6e2341b
  specs:
    dbsync (0.2.0)
      activerecord (>= 3.2.8)
      cocaine (~> 0.5.3)
      railties (>= 3.2.8)

GIT
  remote: git://github.com/bricker/diffy.git
  revision: 7f5d486d99f7b432e181d6c908447ebdae4af54a
  branch: valid-html
  specs:
    diffy (3.0.1)

GIT
  remote: git://github.com/bricker/npr.git
  revision: a6a4fbfd16a3d5165a84008754e3b3c5ba9c3d3b
  specs:
    npr (2.0.0)
      faraday (>= 0.8.0)
      faraday_middleware (>= 0.9.0)

GIT
  remote: git://github.com/bricker/riddle.git
  revision: c5e262c7766d1fc9b93ae1ec078fc0964b395952
  branch: fix-empty-array-filter
  specs:
    riddle (1.5.9)

GEM
  remote: https://rubygems.org/
  specs:
    actionmailer (4.0.2)
      actionpack (= 4.0.2)
      mail (~> 2.5.4)
    actionpack (4.0.2)
      activesupport (= 4.0.2)
      builder (~> 3.1.0)
      erubis (~> 2.7.0)
      rack (~> 1.5.2)
      rack-test (~> 0.6.2)
    activemodel (4.0.2)
      activesupport (= 4.0.2)
      builder (~> 3.1.0)
    activerecord (4.0.2)
      activemodel (= 4.0.2)
      activerecord-deprecated_finders (~> 1.0.2)
      activesupport (= 4.0.2)
      arel (~> 4.0.0)
    activerecord-deprecated_finders (1.0.3)
    activesupport (4.0.2)
      i18n (~> 0.6, >= 0.6.4)
      minitest (~> 4.2)
      multi_json (~> 1.3)
      thread_safe (~> 0.1)
      tzinfo (~> 0.3.37)
    addressable (2.3.5)
    arel (4.0.1)
    atomic (1.1.14)
    bcrypt-ruby (3.1.2)
    bootstrap-sass (2.3.2.2)
      sass (~> 3.2)
    builder (3.1.4)
    capistrano (2.15.5)
      highline
      net-scp (>= 1.0.0)
      net-sftp (>= 2.0.0)
      net-ssh (>= 2.0.14)
      net-ssh-gateway (>= 1.1.0)
    capybara (2.2.0)
      mime-types (>= 1.16)
      nokogiri (>= 1.3.3)
      rack (>= 1.0.0)
      rack-test (>= 0.5.4)
      xpath (~> 2.0)
    carrierwave (0.9.0)
      activemodel (>= 3.2.0)
      activesupport (>= 3.2.0)
      json (>= 1.7)
    chunky_png (1.2.9)
    climate_control (0.0.3)
      activesupport (>= 3.0)
    cocaine (0.5.3)
      climate_control (>= 0.0.3, < 1.0)
    coderay (1.1.0)
    coffee-rails (4.0.1)
      coffee-script (>= 2.2.0)
      railties (>= 4.0.0, < 5.0)
    coffee-script (2.2.0)
      coffee-script-source
      execjs
    coffee-script-source (1.6.3)
    compass (0.12.2)
      chunky_png (~> 1.2)
      fssm (>= 0.2.7)
      sass (~> 3.1)
    compass-rails (1.1.2)
      compass (>= 0.12.2)
    crack (0.4.1)
      safe_yaml (~> 0.9.0)
    database_cleaner (1.2.0)
    diff-lcs (1.2.5)
    docile (1.1.1)
    eco (1.0.0)
      coffee-script
      eco-source
      execjs
    eco-source (1.1.0.rc.1)
    erubis (2.7.0)
    escape_utils (1.0.1)
    execjs (2.0.2)
    factory_girl (4.3.0)
      activesupport (>= 3.0.0)
    factory_girl_rails (4.3.0)
      factory_girl (~> 4.3.0)
      railties (>= 3.0.0)
    faraday (0.8.8)
      multipart-post (~> 1.2.0)
    faraday_middleware (0.9.0)
      faraday (>= 0.7.4, < 0.9)
    ffi (1.9.3)
    formatador (0.2.4)
    fssm (0.2.10)
    guard (1.8.3)
      formatador (>= 0.2.4)
      listen (~> 1.3)
      lumberjack (>= 1.0.2)
      pry (>= 0.9.10)
      thor (>= 0.14.6)
    guard-resque (0.0.5)
      guard (>= 0.8)
      resque
    guard-rspec (3.1.0)
      guard (>= 1.8)
      rspec (~> 2.13)
    hashie (1.2.0)
    highline (1.6.20)
    hike (1.2.3)
    httpauth (0.2.0)
    i18n (0.6.9)
    ice_cube (0.11.1)
    innertube (1.1.0)
    iron_core (1.0.2)
      rest (>= 2.6.4)
    iron_mq (4.0.5)
      iron_core (>= 0.5.1)
    jbuilder (1.5.3)
      activesupport (>= 3.0.0)
      multi_json (>= 1.2.0)
    jquery-rails (3.0.4)
      railties (>= 3.0, < 5.0)
      thor (>= 0.14, < 2.0)
    json (1.8.1)
    jwt (0.1.8)
      multi_json (>= 1.5)
    kaminari (0.15.0)
      actionpack (>= 3.0.0)
      activesupport (>= 3.0.0)
    launchy (2.4.2)
      addressable (~> 2.3)
    listen (1.3.1)
      rb-fsevent (>= 0.9.3)
      rb-inotify (>= 0.9)
      rb-kqueue (>= 0.2)
    lumberjack (1.0.4)
    mail (2.5.4)
      mime-types (~> 1.16)
      treetop (~> 1.4.8)
    method_source (0.8.2)
    middleware (0.1.0)
    mime-types (1.25.1)
    mini_portile (0.5.2)
    minitest (4.7.5)
    mono_logger (1.1.0)
    multi_json (1.8.4)
    multi_xml (0.5.5)
    multipart-post (1.2.0)
    mysql2 (0.3.14)
    net-http-persistent (2.9)
    net-scp (1.1.2)
      net-ssh (>= 2.6.5)
    net-sftp (2.1.2)
      net-ssh (>= 2.6.5)
    net-ssh (2.7.0)
    net-ssh-gateway (1.2.0)
      net-ssh (>= 2.6.5)
    newrelic_rpm (3.7.1.180)
    nokogiri (1.6.1)
      mini_portile (~> 0.5.0)
    oauth2 (0.9.2)
      faraday (~> 0.8)
      httpauth (~> 0.2)
      jwt (~> 0.1.4)
      multi_json (~> 1.0)
      multi_xml (~> 0.5)
      rack (~> 1.2)
    parse-ruby-client (0.1.15)
      iron_mq
      patron
    patron (0.4.18)
    polyglot (0.3.3)
    postmark (1.1.0)
      json
      rake
    postmark-rails (0.6.0)
      actionmailer (>= 3.0.0)
      postmark (~> 1.1.0)
    pry (0.9.12.4)
      coderay (~> 1.0)
      method_source (~> 0.8)
      slop (~> 3.4)
    rack (1.5.2)
    rack-protection (1.5.2)
      rack
    rack-test (0.6.2)
      rack (>= 1.0)
    rails (4.0.2)
      actionmailer (= 4.0.2)
      actionpack (= 4.0.2)
      activerecord (= 4.0.2)
      activesupport (= 4.0.2)
      bundler (>= 1.3.0, < 2.0)
      railties (= 4.0.2)
      sprockets-rails (~> 2.0.0)
    railties (4.0.2)
      actionpack (= 4.0.2)
      activesupport (= 4.0.2)
      rake (>= 0.8.7)
      thor (>= 0.18.1, < 2.0)
    rake (10.1.1)
    rb-fsevent (0.9.3)
    rb-inotify (0.9.3)
      ffi (>= 0.5.0)
    rb-kqueue (0.2.0)
      ffi (>= 0.5.0)
    redis (3.0.7)
    redis-actionpack (4.0.0)
      actionpack (~> 4)
      redis-rack (~> 1.5.0)
      redis-store (~> 1.1.0)
    redis-activesupport (4.0.0)
      activesupport (~> 4)
      redis-store (~> 1.1.0)
    redis-namespace (1.4.1)
      redis (~> 3.0.4)
    redis-rack (1.5.0)
      rack (~> 1.5)
      redis-store (~> 1.1.0)
    redis-rails (4.0.0)
      redis-actionpack (~> 4)
      redis-activesupport (~> 4)
      redis-store (~> 1.1.0)
    redis-store (1.1.4)
      redis (>= 2.2)
    resque (1.26.pre.0)
      mono_logger (~> 1.0)
      multi_json (~> 1.0)
      redis-namespace (~> 1.2)
      sinatra (>= 0.9.2)
      vegas (~> 0.1.2)
    rest (2.6.5)
      net-http-persistent
      rest-client (>= 0.3.0)
    rest-client (1.6.7)
      mime-types (>= 1.16)
    rspec (2.14.1)
      rspec-core (~> 2.14.0)
      rspec-expectations (~> 2.14.0)
      rspec-mocks (~> 2.14.0)
    rspec-core (2.14.7)
    rspec-expectations (2.14.4)
      diff-lcs (>= 1.1.3, < 2.0)
    rspec-mocks (2.14.4)
    rspec-rails (2.14.0)
      actionpack (>= 3.0)
      activesupport (>= 3.0)
      railties (>= 3.0)
      rspec-core (~> 2.14.0)
      rspec-expectations (~> 2.14.0)
      rspec-mocks (~> 2.14.0)
    ruby-mp3info (0.8.2)
    safe_yaml (0.9.7)
    sanitize (2.0.6)
      nokogiri (>= 1.4.4)
    sass (3.2.13)
    sass-rails (4.0.1)
      railties (>= 4.0.0, < 5.0)
      sass (>= 3.1.10)
      sprockets-rails (~> 2.0.0)
    select2-rails (3.4.1)
      sass-rails
      thor (~> 0.14)
    shoulda-matchers (2.4.0)
      activesupport (>= 3.0.0)
    simple_form (3.0.1)
      actionpack (>= 4.0.0, < 4.1)
      activemodel (>= 4.0.0, < 4.1)
    simple_oauth (0.2.0)
    simplecov (0.8.2)
      docile (~> 1.1.0)
      multi_json
      simplecov-html (~> 0.8.0)
    simplecov-html (0.8.0)
    sinatra (1.4.4)
      rack (~> 1.4)
      rack-protection (~> 1.4)
      tilt (~> 1.3, >= 1.3.4)
    slop (3.4.7)
    sprockets (2.10.1)
      hike (~> 1.2)
      multi_json (~> 1.0)
      rack (~> 1.0)
      tilt (~> 1.1, != 1.3.0)
    sprockets-rails (2.0.1)
      actionpack (>= 3.0)
      activesupport (>= 3.0)
      sprockets (~> 2.8)
    sqlite3 (1.3.8)
    test_after_commit (0.2.2)
    thinking-sphinx (3.0.6)
      activerecord (>= 3.1.0)
      builder (>= 2.1.2)
      innertube (>= 1.0.2)
      middleware (>= 0.1.0)
      riddle (>= 1.5.9)
    thor (0.18.1)
    thread_safe (0.1.3)
      atomic
    tilt (1.4.1)
    treetop (1.4.15)
      polyglot
      polyglot (>= 0.3.1)
    twitter (4.8.1)
      faraday (~> 0.8, < 0.10)
      multi_json (~> 1.0)
      simple_oauth (~> 0.2)
    twitter-text (1.7.0)
      unf (~> 0.1.0)
    tzinfo (0.3.38)
    uglifier (2.4.0)
      execjs (>= 0.3.0)
      json (>= 1.8.0)
    unf (0.1.3)
      unf_ext
    unf_ext (0.0.6)
    vegas (0.1.11)
      rack (>= 1.0.0)
    webmock (1.16.1)
      addressable (>= 2.2.7)
      crack (>= 0.3.2)
    xpath (2.0.0)
      nokogiri (~> 1.3)

PLATFORMS
  ruby

DEPENDENCIES
  asset_host_client!
  audio_vision!
  bcrypt-ruby (~> 3.1.0)
  bootstrap-sass (~> 2.2)
  capistrano (~> 2.0)
  capybara (~> 2.0)
  carrierwave (~> 0.6)
  coffee-rails (~> 4.0.0)
  compass-rails (~> 1.1.2)
  database_cleaner
  dbsync!
  diffy!
  eco (~> 1.0)
  embeditor-rails!
  escape_utils (~> 1.0.1)
  factory_girl_rails
  faraday (~> 0.8)
  faraday_middleware (~> 0.8)
  guard (~> 1.5)
  guard-resque
  guard-rspec
  hashie (~> 1.2.0)
  ice_cube (~> 0.11.0)
  jbuilder (~> 1.5.3)
  jquery-rails (~> 3.0.0)
  kaminari (~> 0.15.0)
  launchy
  mysql2 (~> 0.3.14)
  newrelic_rpm (~> 3.7)
  npr!
  oauth2 (~> 0.8)
  outpost-aggregator!
  outpost-asset_host!
  outpost-cms!
  outpost-publishing!
  parse-ruby-client (~> 0.1.15)
  postmark-rails (~> 0.6.0)
  pry
  rails (~> 4.0.0)
  rb-fsevent (~> 0.9)
  redis-content-store!
  redis-rails (~> 4.0.0)
  resque (~> 1.26.pre.0)
  riddle!
  rspec-rails (~> 2.14.0)
  ruby-mp3info (~> 0.8.2)
  sanitize (~> 2.0)
  sass-rails (~> 4.0.0)
  secretary-rails!
  select2-rails (= 3.4.1)
  shoulda-matchers
  simple_form (~> 3.0.0)
  simplecov
  sqlite3
  test_after_commit
  thinking-sphinx (~> 3.0.5)
  twitter (~> 4.1)
  twitter-text (~> 1.5)
  uglifier (>= 1.3)
  webmock
