GIT
  remote: git://github.com/SCPR/embeditor-rails.git
  revision: b7e17b642b5066a59ced5039efa3d7b6d7295f48
  tag: v2.0.3
  specs:
    embeditor-rails (2.1.0)
      actionpack (>= 3.2.0, < 5)
      coffee-rails (>= 3.2.0, < 5)
      eco (~> 1.0.0)

GIT
  remote: git://github.com/SCPR/outpost-aggregator.git
  revision: 0ddb35922584b978eecaed00c0a9a89d895f6912
  tag: v2.1.0
  specs:
    outpost-aggregator (2.0.0)

GIT
  remote: git://github.com/SCPR/outpost-asset_host.git
  revision: e11c1b929a113f6e618fc8f1950af4cfb4408a29
  branch: inline_assets
  specs:
    outpost-asset_host (1.1.1)

GIT
  remote: git://github.com/SCPR/outpost-secretary.git
  revision: 8e47cd33f45f2a2b55d85fbc7b7521b17352bba2
  tag: v0.1.1
  specs:
    outpost-secretary (0.1.1)
      outpost-cms (>= 0.0.1, < 1)
      secretary-rails (>= 1.0.0, < 3)

GIT
  remote: git://github.com/SCPR/outpost.git
  revision: 510e2c8a151e022e211bb09c59bc216d3fd0c9f1
  tag: v0.2.0
  specs:
    outpost-cms (0.1.7)
      bcrypt-ruby (>= 3.0.0, < 4)
      jquery-rails (~> 3.0)
      kaminari (~> 0.15.1)
      rails (>= 3.2, < 5)
      select2-rails (= 3.4.1)

GIT
  remote: git://github.com/SCPR/resque-pool.git
  revision: dc5523cbc452c8ebc5d117e90a01f01c6165db3f
  specs:
    resque-pool (0.4.0.rc1)
      rake
      resque (~> 1.22)
      trollop (~> 1.16)

GIT
  remote: git://github.com/circleci/rspec_junit_formatter.git
  revision: 6885218137afbadf560c922114767866953f8cbf
  specs:
    rspec_junit_formatter (0.2.0)
      builder (< 4)
      rspec (>= 2, < 4)
      rspec-core (!= 2.12.0)

GIT
  remote: git://github.com/scpr/asset_host_client.git
  revision: b097a1f9b5b78390bd2bb33f43625c2ea5e43936
  tag: v2.0.0
  specs:
    asset_host_client (2.0.0)
      faraday (~> 0.8)
      faraday_middleware (~> 0.8)
      rails (>= 3.0, < 5)

GIT
  remote: git://github.com/scpr/npr.git
  revision: 6a6a650e92eb9ed0acb2f51d0958685fcf97d931
  specs:
    npr (3.0.0)
      faraday (~> 0.8.0)
      faraday_middleware (~> 0.9.0)

GIT
  remote: git://github.com/scpr/parse-ruby-client.git
  revision: e6da8af93cdbe75e242fafe0d5a0ff017c68e55e
  specs:
    farse-ruby-client (0.3.0)
      faraday
      faraday_middleware

GIT
  remote: git://github.com/sheerun/parse-ruby-client.git
  revision: a4eb5618c8167e88857b449cd522b23a8b0c02e9
  ref: a4eb5618c8167e88857b449cd522b23a8b0c02e9
  specs:
    parse-ruby-client (0.2.0)
      faraday
      faraday_middleware
      yajl-ruby

GEM
  remote: https://rubygems.org/
  specs:
    actionmailer (4.2.8)
      actionpack (= 4.2.8)
      actionview (= 4.2.8)
      activejob (= 4.2.8)
      mail (~> 2.5, >= 2.5.4)
      rails-dom-testing (~> 1.0, >= 1.0.5)
    actionpack (4.2.8)
      actionview (= 4.2.8)
      activesupport (= 4.2.8)
      rack (~> 1.6)
      rack-test (~> 0.6.2)
      rails-dom-testing (~> 1.0, >= 1.0.5)
      rails-html-sanitizer (~> 1.0, >= 1.0.2)
    actionview (4.2.8)
      activesupport (= 4.2.8)
      builder (~> 3.1)
      erubis (~> 2.7.0)
      rails-dom-testing (~> 1.0, >= 1.0.5)
      rails-html-sanitizer (~> 1.0, >= 1.0.3)
    activejob (4.2.8)
      activesupport (= 4.2.8)
      globalid (>= 0.3.0)
    activemodel (4.2.8)
      activesupport (= 4.2.8)
      builder (~> 3.1)
    activerecord (4.2.8)
      activemodel (= 4.2.8)
      activesupport (= 4.2.8)
      arel (~> 6.0)
    activesupport (4.2.8)
      i18n (~> 0.7)
      minitest (~> 5.1)
      thread_safe (~> 0.3, >= 0.3.4)
      tzinfo (~> 1.1)
    addressable (2.5.0)
      public_suffix (~> 2.0, >= 2.0.2)
    ansi (1.5.0)
    arel (6.0.4)
    audio_vision (1.0.0)
      faraday (~> 0.8.8)
      faraday_middleware (~> 0.9.0)
    autoprefixer-rails (6.7.7.1)
      execjs
    aws-sdk (2.8.11)
      aws-sdk-resources (= 2.8.11)
    aws-sdk-core (2.8.11)
      aws-sigv4 (~> 1.0)
      jmespath (~> 1.0)
    aws-sdk-resources (2.8.11)
      aws-sdk-core (= 2.8.11)
    aws-sigv4 (1.0.0)
    bcrypt (3.1.11)
    bcrypt-ruby (3.1.5)
      bcrypt (>= 3.1.3)
    better_errors (2.1.1)
      coderay (>= 1.0.0)
      erubis (>= 2.6.6)
      rack (>= 0.9.0)
    binding_of_caller (0.7.2)
      debug_inspector (>= 0.0.1)
    bootstrap-sass (2.3.2.2)
      sass (~> 3.2)
    browser_sync_rails (0.1.1)
      rails
    browserify-rails (1.1.0)
      railties (>= 4.0.0, < 5.0)
    builder (3.2.3)
    capybara (2.13.0)
      addressable
      mime-types (>= 1.16)
      nokogiri (>= 1.3.3)
      rack (>= 1.0.0)
      rack-test (>= 0.5.4)
      xpath (~> 2.0)
    carrierwave (0.11.2)
      activemodel (>= 3.2.0)
      activesupport (>= 3.2.0)
      json (>= 1.7)
      mime-types (>= 1.16)
      mimemagic (>= 0.3.0)
    coderay (1.1.1)
    coffee-rails (4.0.1)
      coffee-script (>= 2.2.0)
      railties (>= 4.0.0, < 5.0)
    coffee-script (2.4.1)
      coffee-script-source
      execjs
    coffee-script-source (1.12.2)
    crack (0.4.3)
      safe_yaml (~> 1.0.0)
    dalli (2.7.6)
    database_cleaner (1.5.3)
    debug_inspector (0.0.2)
    diff-lcs (1.3)
    diffy (3.2.0)
    domain_name (0.5.20170223)
      unf (>= 0.0.5, < 1.0.0)
    eco (1.0.0)
      coffee-script
      eco-source
      execjs
    eco-source (1.1.0.rc.1)
    elasticsearch (5.0.3)
      elasticsearch-api (= 5.0.3)
      elasticsearch-transport (= 5.0.3)
    elasticsearch-api (5.0.3)
      multi_json
    elasticsearch-extensions (0.0.26)
      ansi
      elasticsearch
      ruby-prof
    elasticsearch-model (0.1.9)
      activesupport (> 3)
      elasticsearch (> 0.4)
      hashie
    elasticsearch-rails (0.1.9)
    elasticsearch-transport (5.0.3)
      faraday
      multi_json
    erubis (2.7.0)
    escape_utils (1.0.1)
    et-orbi (1.0.2)
      tzinfo
    excon (0.55.0)
    execjs (2.7.0)
    factory_girl (4.8.0)
      activesupport (>= 3.0.0)
    factory_girl_rails (4.8.0)
      factory_girl (~> 4.8.0)
      railties (>= 3.0.0)
    faker (1.7.3)
      i18n (~> 0.5)
    faraday (0.8.11)
      multipart-post (~> 1.2.0)
    faraday_middleware (0.9.2)
      faraday (>= 0.7.4, < 0.10)
    ffi (1.9.18)
    formatador (0.2.5)
    globalid (0.3.7)
      activesupport (>= 4.1.0)
    guard (1.8.3)
      formatador (>= 0.2.4)
      listen (~> 1.3)
      lumberjack (>= 1.0.2)
      pry (>= 0.9.10)
      thor (>= 0.14.6)
    guard-resque (0.0.5)
      guard (>= 0.8)
      resque
    guard-rspec (1.2.2)
      guard (>= 1.1)
    hashdiff (0.3.2)
    hashie (1.2.0)
    hike (1.2.3)
    honeybadger (2.7.2)
    html-pipeline (2.5.0)
      activesupport (>= 2)
      nokogiri (>= 1.4)
    htmlentities (4.3.4)
    http-cookie (1.0.3)
      domain_name (~> 0.5)
    i18n (0.8.1)
    ice_cube (0.11.3)
    jbuilder (1.5.3)
      activesupport (>= 3.0.0)
      multi_json (>= 1.2.0)
    jmespath (1.3.1)
    jquery-rails (3.1.4)
      railties (>= 3.0, < 5.0)
      thor (>= 0.14, < 2.0)
    json (2.0.3)
    jwt (1.5.6)
    kaminari (0.15.1)
      actionpack (>= 3.0.0)
      activesupport (>= 3.0.0)
    launchy (2.4.3)
      addressable (~> 2.3)
    listen (1.3.1)
      rb-fsevent (>= 0.9.3)
      rb-inotify (>= 0.9)
      rb-kqueue (>= 0.2)
    loofah (2.0.3)
      nokogiri (>= 1.5.9)
    lumberjack (1.0.11)
    mail (2.6.4)
      mime-types (>= 1.16, < 4)
    method_source (0.8.2)
    mime-types (3.1)
      mime-types-data (~> 3.2015)
    mime-types-data (3.2016.0521)
    mimemagic (0.3.2)
    mini_portile2 (2.1.0)
    minitest (5.10.1)
    mono_logger (1.1.0)
    multi_json (1.12.1)
    multi_xml (0.6.0)
    multipart-post (1.2.0)
    mysql2 (0.3.21)
    netrc (0.11.0)
    newrelic_rpm (3.18.1.330)
    nokogiri (1.7.1)
      mini_portile2 (~> 2.1.0)
    oauth2 (0.9.4)
      faraday (>= 0.8, < 0.10)
      jwt (~> 1.0)
      multi_json (~> 1.3)
      multi_xml (~> 0.5)
      rack (~> 1.2)
    one_signal (1.2.0)
    open_uri_redirections (0.2.1)
    outpost-publishing (1.0.1)
    patron (0.8.0)
    pmp (0.5.6)
      activesupport
      excon
      faraday
      faraday_middleware
      hashie
      multi_json
      oauth2
      uri_template
    postmark (1.1.2)
      json
      rake
    postmark-rails (0.6.0)
      actionmailer (>= 3.0.0)
      postmark (~> 1.1.0)
    pry (0.10.4)
      coderay (~> 1.1.0)
      method_source (~> 0.8.1)
      slop (~> 3.4)
    public_suffix (2.0.5)
    pygments.rb (1.1.1)
      multi_json (>= 1.0.0)
    rack (1.6.5)
    rack-protection (1.5.3)
      rack
    rack-test (0.6.3)
      rack (>= 1.0)
    rack-utf8_sanitizer (1.3.2)
      rack (>= 1.0, < 3.0)
    rails (4.2.8)
      actionmailer (= 4.2.8)
      actionpack (= 4.2.8)
      actionview (= 4.2.8)
      activejob (= 4.2.8)
      activemodel (= 4.2.8)
      activerecord (= 4.2.8)
      activesupport (= 4.2.8)
      bundler (>= 1.3.0, < 2.0)
      railties (= 4.2.8)
      sprockets-rails
    rails-deprecated_sanitizer (1.0.3)
      activesupport (>= 4.2.0.alpha)
    rails-dom-testing (1.0.8)
      activesupport (>= 4.2.0.beta, < 5.0)
      nokogiri (~> 1.6)
      rails-deprecated_sanitizer (>= 1.0.1)
    rails-html-sanitizer (1.0.3)
      loofah (~> 2.0)
    railties (4.2.8)
      actionpack (= 4.2.8)
      activesupport (= 4.2.8)
      rake (>= 0.8.7)
      thor (>= 0.18.1, < 2.0)
    rake (12.0.0)
    rb-fsevent (0.9.8)
    rb-inotify (0.9.8)
      ffi (>= 0.5.0)
    rb-kqueue (0.2.4)
      ffi (>= 0.5.0)
    recaptcha (3.4.0)
      json
    redis (3.3.3)
    redis-actionpack (5.0.1)
      actionpack (>= 4.0, < 6)
      redis-rack (>= 1, < 3)
      redis-store (>= 1.1.0, < 1.4.0)
    redis-activesupport (5.0.1)
      activesupport (>= 3, < 6)
      redis-store (~> 1.2.0)
    redis-namespace (1.5.3)
      redis (~> 3.0, >= 3.0.4)
    redis-rack (1.6.0)
      rack (~> 1.5)
      redis-store (~> 1.2.0)
    redis-rails (5.0.1)
      redis-actionpack (~> 5.0.0)
      redis-activesupport (~> 5.0.0)
      redis-store (~> 1.2.0)
    redis-store (1.2.0)
      redis (>= 2.2)
    render_anywhere (0.0.12)
      rails (>= 3.0.7)
    responders (2.3.0)
      railties (>= 4.2.0, < 5.1)
    resque (1.27.2)
      mono_logger (~> 1.0)
      multi_json (~> 1.0)
      redis-namespace (~> 1.3)
      sinatra (>= 0.9.2)
      vegas (~> 0.1.2)
    rest-client (2.0.1)
      http-cookie (>= 1.0.2, < 2.0)
      mime-types (>= 1.16, < 4.0)
      netrc (~> 0.8)
    reverse_markdown (1.0.3)
      nokogiri
    rspec (3.5.0)
      rspec-core (~> 3.5.0)
      rspec-expectations (~> 3.5.0)
      rspec-mocks (~> 3.5.0)
    rspec-core (3.5.4)
      rspec-support (~> 3.5.0)
    rspec-expectations (3.5.0)
      diff-lcs (>= 1.2.0, < 2.0)
      rspec-support (~> 3.5.0)
    rspec-mocks (3.5.0)
      diff-lcs (>= 1.2.0, < 2.0)
      rspec-support (~> 3.5.0)
    rspec-rails (3.5.2)
      actionpack (>= 3.0)
      activesupport (>= 3.0)
      railties (>= 3.0)
      rspec-core (~> 3.5.0)
      rspec-expectations (~> 3.5.0)
      rspec-mocks (~> 3.5.0)
      rspec-support (~> 3.5.0)
    rspec-support (3.5.0)
    ruby-mp3info (0.8.10)
    ruby-prof (0.16.2)
    rubyzip (1.2.1)
    rufus-scheduler (3.4.0)
      et-orbi (~> 1.0)
    safe_yaml (1.0.4)
    sanitize (2.1.0)
      nokogiri (>= 1.4.4)
    sass (3.4.23)
    sass-rails (5.0.0.beta1)
      railties (>= 4.0.0, < 5.0)
      sass (~> 3.2)
      sprockets (~> 2.12)
      sprockets-rails (>= 2.0, < 4.0)
    secretary-rails (2.0.1)
      activerecord (>= 4.0.0, < 6)
      diffy (>= 3.0, < 4)
      railties (>= 4.0.0, < 6)
    select2-rails (3.4.1)
      sass-rails
      thor (~> 0.14)
    shoulda-matchers (3.1.1)
      activesupport (>= 4.0.0)
    simple_form (3.1.1)
      actionpack (~> 4.0)
      activemodel (~> 4.0)
    simple_oauth (0.3.1)
    sinatra (1.4.8)
      rack (~> 1.5)
      rack-protection (~> 1.4)
      tilt (>= 1.3, < 3)
    slack-notifier (2.1.0)
    slop (3.6.0)
    sprockets (2.12.4)
      hike (~> 1.2)
      multi_json (~> 1.0)
      rack (~> 1.0)
      tilt (~> 1.1, != 1.3.0)
    sprockets-rails (2.3.3)
      actionpack (>= 3.0)
      activesupport (>= 3.0)
      sprockets (>= 2.8, < 4.0)
    test_after_commit (1.1.0)
      activerecord (>= 3.2)
    thor (0.19.4)
    thread_safe (0.3.6)
    tilt (1.4.1)
    timecop (0.8.1)
    trollop (1.16.2)
    twitter (4.8.1)
      faraday (~> 0.8, < 0.10)
      multi_json (~> 1.0)
      simple_oauth (~> 0.2)
    twitter-text (1.14.5)
      unf (~> 0.1.0)
    tzinfo (1.2.2)
      thread_safe (~> 0.1)
    uglifier (3.1.9)
      execjs (>= 0.3.0, < 3)
    unf (0.1.4)
      unf_ext
    unf_ext (0.0.7.2)
    uri_template (0.7.0)
    vegas (0.1.11)
      rack (>= 1.0.0)
    webmock (2.3.2)
      addressable (>= 2.3.6)
      crack (>= 0.3.2)
      hashdiff
    xpath (2.0.0)
      nokogiri (~> 1.3)
    yajl-ruby (1.3.0)

PLATFORMS
  ruby

DEPENDENCIES
  asset_host_client!
  audio_vision (~> 1.0)
  autoprefixer-rails
  aws-sdk (~> 2)
  bcrypt-ruby (~> 3.1.0)
  better_errors
  binding_of_caller
  bootstrap-sass (~> 2.2)
  browser_sync_rails
  browserify-rails
  capybara (~> 2.0)
  carrierwave (~> 0.6)
  coffee-rails (~> 4.0.0)
  dalli
  database_cleaner
  eco (~> 1.0)
  elasticsearch
  elasticsearch-extensions
  elasticsearch-model
  elasticsearch-rails
  embeditor-rails!
  escape_utils (~> 1.0.1)
  factory_girl_rails
  faker
  faraday (~> 0.8)
  faraday_middleware (~> 0.8)
  farse-ruby-client!
  guard (~> 1.5)
  guard-resque
  guard-rspec
  hashie (~> 1.2.0)
  honeybadger (~> 2.0)
  html-pipeline
  htmlentities
  ice_cube (~> 0.11.0)
  jbuilder (~> 1.5.3)
  jquery-rails (~> 3.1.0)
  kaminari (~> 0.15.0)
  launchy
  mysql2 (~> 0.3.14)
  newrelic_rpm (~> 3.16)
  npr (~> 3.0)!
  oauth2 (~> 0.8)
  one_signal
  open_uri_redirections
  outpost-aggregator!
  outpost-asset_host!
  outpost-cms!
  outpost-publishing
  outpost-secretary!
  parse-ruby-client!
  patron
  pmp (= 0.5.6)
  postmark-rails (~> 0.6.0)
  pry
  pygments.rb
  rack-utf8_sanitizer
  rails (~> 4.2.0)
  rb-fsevent (~> 0.9)
  recaptcha (~> 3.4.0)
  redis-rails
  render_anywhere
  responders (~> 2.0)
  resque (~> 1.26.pre.0)
  resque-pool!
  rest-client
  reverse_markdown
  rspec-rails (~> 3.5, >= 3.5.2)
  rspec_junit_formatter!
  ruby-mp3info (~> 0.8.2)
  ruby-prof
  rubyzip
  rufus-scheduler
  sanitize (~> 2.0)
  sass-rails (= 5.0.0beta1)
  secretary-rails (~> 2.0.1)
  select2-rails (= 3.4.1)
  shoulda-matchers
  simple_form (~> 3.1.0)
  slack-notifier
  test_after_commit
  timecop
  twitter (~> 4.1)
  twitter-text (~> 1.5)
  uglifier (>= 1.3)
  webmock
  yajl-ruby

BUNDLED WITH
   1.14.6
