GIT
  remote: git://github.com/SCPR/embeditor-rails.git
  revision: 8222b73f03e7627186e40e7222186f60ea66b4fa
  specs:
    embeditor-rails (2.0.0.beta)
      actionpack (>= 3.2.0, < 5)
      coffee-rails (>= 3.2.0, < 5)
      eco (~> 1.0.0)

GIT
  remote: git://github.com/SCPR/outpost-aggregator.git
  revision: 221f792b2ccd274d7e41469086b65adc2df2fb0f
  specs:
    outpost-aggregator (1.1.3)

GIT
  remote: git://github.com/SCPR/outpost-asset_host.git
  revision: 612b8a5d058049acba7e6d4f8b753d00d630bea0
  specs:
    outpost-asset_host (1.1.1)

GIT
  remote: git://github.com/SCPR/outpost-publishing.git
  revision: 6b487d9a1cca97196d0d29aa11476b99e4aae705
  specs:
    outpost-publishing (1.0.1)

GIT
  remote: git://github.com/SCPR/outpost-secretary.git
  revision: 1f7e81c5ceec7308e45eff99d820582c24e28c5a
  specs:
    outpost-secretary (0.0.1)
      outpost-cms
      secretary-rails

GIT
  remote: git://github.com/SCPR/outpost.git
  revision: 731cbd6959d29ef9c29ebc4389b2641aea1327e2
  specs:
    outpost-cms (0.0.5)
      bcrypt-ruby (>= 3.0.0, < 4)
      jquery-rails (~> 3.0)
      kaminari (~> 0.15.1)
      rails (>= 3.2, < 5)
      select2-rails (= 3.4.1)

GIT
  remote: git://github.com/SCPR/redis-content-store.git
  revision: a8bb4368588df8f13b0f427c5cef39f68fa36b64
  specs:
    redis-content-store (0.2.0)
      redis-activesupport (>= 3.2.0, < 5)

GEM
  remote: https://rubygems.org/
  specs:
    actionmailer (4.0.4)
      actionpack (= 4.0.4)
      mail (~> 2.5.4)
    actionpack (4.0.4)
      activesupport (= 4.0.4)
      builder (~> 3.1.0)
      erubis (~> 2.7.0)
      rack (~> 1.5.2)
      rack-test (~> 0.6.2)
    activemodel (4.0.4)
      activesupport (= 4.0.4)
      builder (~> 3.1.0)
    activerecord (4.0.4)
      activemodel (= 4.0.4)
      activerecord-deprecated_finders (~> 1.0.2)
      activesupport (= 4.0.4)
      arel (~> 4.0.0)
    activerecord-deprecated_finders (1.0.3)
    activesupport (4.0.4)
      i18n (~> 0.6, >= 0.6.9)
      minitest (~> 4.2)
      multi_json (~> 1.3)
      thread_safe (~> 0.1)
      tzinfo (~> 0.3.37)
    addressable (2.3.5)
    arel (4.0.2)
    asset_host_client (1.2.0)
      faraday (~> 0.8)
      faraday_middleware (~> 0.8)
      rails (>= 3.0, < 5)
    audio_vision (1.0.0)
      faraday (~> 0.8.8)
      faraday_middleware (~> 0.9.0)
    bcrypt (3.1.7)
    bcrypt-ruby (3.1.5)
      bcrypt (>= 3.1.3)
    bootstrap-sass (2.3.2.2)
      sass (~> 3.2)
    builder (3.1.4)
    capistrano (2.15.5)
      highline
      net-scp (>= 1.0.0)
      net-sftp (>= 2.0.0)
      net-ssh (>= 2.0.14)
      net-ssh-gateway (>= 1.1.0)
    capybara (2.2.1)
      mime-types (>= 1.16)
      nokogiri (>= 1.3.3)
      rack (>= 1.0.0)
      rack-test (>= 0.5.4)
      xpath (~> 2.0)
    carrierwave (0.10.0)
      activemodel (>= 3.2.0)
      activesupport (>= 3.2.0)
      json (>= 1.7)
      mime-types (>= 1.16)
    climate_control (0.0.3)
      activesupport (>= 3.0)
    cocaine (0.5.4)
      climate_control (>= 0.0.3, < 1.0)
    coderay (1.1.0)
    coffee-rails (4.0.1)
      coffee-script (>= 2.2.0)
      railties (>= 4.0.0, < 5.0)
    coffee-script (2.2.0)
      coffee-script-source
      execjs
    coffee-script-source (1.7.0)
    crack (0.4.2)
      safe_yaml (~> 1.0.0)
    database_cleaner (1.2.0)
    dbsync (0.3.0)
      cocaine (>= 0.5.0, < 0.6)
    diff-lcs (1.2.5)
    diffy (3.0.3)
    eco (1.0.0)
      coffee-script
      eco-source
      execjs
    eco-source (1.1.0.rc.1)
    erubis (2.7.0)
    escape_utils (1.0.1)
    excon (0.32.1)
    execjs (2.0.2)
    factory_girl (4.4.0)
      activesupport (>= 3.0.0)
    factory_girl_rails (4.4.1)
      factory_girl (~> 4.4.0)
      railties (>= 3.0.0)
    faraday (0.8.9)
      multipart-post (~> 1.2.0)
    faraday_middleware (0.9.0)
      faraday (>= 0.7.4, < 0.9)
    ffi (1.9.3)
    formatador (0.2.4)
    guard (1.8.3)
      formatador (>= 0.2.4)
      listen (~> 1.3)
      lumberjack (>= 1.0.2)
      pry (>= 0.9.10)
      thor (>= 0.14.6)
    guard-resque (0.0.5)
      guard (>= 0.8)
      resque
    guard-rspec (3.1.0)
      guard (>= 1.8)
      rspec (~> 2.13)
    hashie (1.2.0)
    highline (1.6.21)
    hike (1.2.3)
    i18n (0.6.9)
    ice_cube (0.11.3)
    innertube (1.1.0)
    iron_core (1.0.3)
      rest (>= 2.6.4)
    iron_mq (5.0.1)
      iron_core (>= 0.5.1)
    jbuilder (1.5.3)
      activesupport (>= 3.0.0)
      multi_json (>= 1.2.0)
    joiner (0.2.0)
      activerecord (>= 3.1.0, < 4.1.0)
    jquery-rails (3.1.0)
      railties (>= 3.0, < 5.0)
      thor (>= 0.14, < 2.0)
    json (1.8.1)
    jwt (0.1.11)
      multi_json (>= 1.5)
    kaminari (0.15.1)
      actionpack (>= 3.0.0)
      activesupport (>= 3.0.0)
    launchy (2.4.2)
      addressable (~> 2.3)
    listen (1.3.1)
      rb-fsevent (>= 0.9.3)
      rb-inotify (>= 0.9)
      rb-kqueue (>= 0.2)
    lumberjack (1.0.5)
    mail (2.5.4)
      mime-types (~> 1.16)
      treetop (~> 1.4.8)
    method_source (0.8.2)
    middleware (0.1.0)
    mime-types (1.25.1)
    mini_portile (0.5.2)
    minitest (4.7.5)
    mono_logger (1.1.0)
    multi_json (1.9.2)
    multi_xml (0.5.5)
    multipart-post (1.2.0)
    mysql2 (0.3.15)
    net-http-persistent (2.9.4)
    net-scp (1.1.2)
      net-ssh (>= 2.6.5)
    net-sftp (2.1.2)
      net-ssh (>= 2.6.5)
    net-ssh (2.8.0)
    net-ssh-gateway (1.2.0)
      net-ssh (>= 2.6.5)
    netrc (0.7.7)
    newrelic_rpm (3.8.0.218)
    nokogiri (1.6.1)
      mini_portile (~> 0.5.0)
    npr (2.0.1)
      faraday (~> 0.8.0)
      faraday_middleware (~> 0.9)
    oauth2 (0.9.3)
      faraday (>= 0.8, < 0.10)
      jwt (~> 0.1.8)
      multi_json (~> 1.3)
      multi_xml (~> 0.5)
      rack (~> 1.2)
    parse-ruby-client (0.1.15)
      iron_mq
      patron
    patron (0.4.18)
    pmp (0.3.1)
      activesupport
      excon
      faraday
      faraday_middleware
      hashie
      multi_json
      oauth2
      uri_template
    polyglot (0.3.4)
    postmark (1.1.0)
      json
      rake
    postmark-rails (0.6.0)
      actionmailer (>= 3.0.0)
      postmark (~> 1.1.0)
    pry (0.9.12.6)
      coderay (~> 1.0)
      method_source (~> 0.8)
      slop (~> 3.4)
    rack (1.5.2)
    rack-protection (1.5.2)
      rack
    rack-test (0.6.2)
      rack (>= 1.0)
    rails (4.0.4)
      actionmailer (= 4.0.4)
      actionpack (= 4.0.4)
      activerecord (= 4.0.4)
      activesupport (= 4.0.4)
      bundler (>= 1.3.0, < 2.0)
      railties (= 4.0.4)
      sprockets-rails (~> 2.0.0)
    railties (4.0.4)
      actionpack (= 4.0.4)
      activesupport (= 4.0.4)
      rake (>= 0.8.7)
      thor (>= 0.18.1, < 2.0)
    rake (10.1.1)
    rb-fsevent (0.9.4)
    rb-inotify (0.9.3)
      ffi (>= 0.5.0)
    rb-kqueue (0.2.2)
      ffi (>= 0.5.0)
    recaptcha (0.3.6)
    redis (3.0.7)
    redis-activesupport (4.0.0)
      activesupport (~> 4)
      redis-store (~> 1.1.0)
    redis-namespace (1.4.1)
      redis (~> 3.0.4)
    redis-store (1.1.4)
      redis (>= 2.2)
    resque (1.26.pre.0)
      mono_logger (~> 1.0)
      multi_json (~> 1.0)
      redis-namespace (~> 1.2)
      sinatra (>= 0.9.2)
      vegas (~> 0.1.2)
    rest (2.7.1)
      net-http-persistent (>= 2.9.1)
      rest_client (>= 1.7.1)
    rest_client (1.7.3)
      netrc (~> 0.7.7)
    riddle (1.5.10)
    rspec (2.14.1)
      rspec-core (~> 2.14.0)
      rspec-expectations (~> 2.14.0)
      rspec-mocks (~> 2.14.0)
    rspec-core (2.14.8)
    rspec-expectations (2.14.5)
      diff-lcs (>= 1.1.3, < 2.0)
    rspec-mocks (2.14.6)
    rspec-rails (2.14.2)
      actionpack (>= 3.0)
      activemodel (>= 3.0)
      activesupport (>= 3.0)
      railties (>= 3.0)
      rspec-core (~> 2.14.0)
      rspec-expectations (~> 2.14.0)
      rspec-mocks (~> 2.14.0)
    ruby-mp3info (0.8.3)
    safe_yaml (1.0.1)
    sanitize (2.1.0)
      nokogiri (>= 1.4.4)
    sass (3.2.18)
    sass-rails (4.0.2)
      railties (>= 4.0.0, < 5.0)
      sass (~> 3.2.0)
      sprockets (~> 2.8, <= 2.11.0)
      sprockets-rails (~> 2.0.0)
    secretary-rails (1.1.0)
      activerecord (>= 3.2.0)
      diffy (~> 3.0.1)
      railties (>= 3.2.0)
    select2-rails (3.4.1)
      sass-rails
      thor (~> 0.14)
    shoulda-matchers (2.5.0)
      activesupport (>= 3.0.0)
    simple_form (3.0.1)
      actionpack (>= 4.0.0, < 4.1)
      activemodel (>= 4.0.0, < 4.1)
    simple_oauth (0.2.0)
    sinatra (1.4.4)
      rack (~> 1.4)
      rack-protection (~> 1.4)
      tilt (~> 1.3, >= 1.3.4)
    slop (3.5.0)
    sprockets (2.11.0)
      hike (~> 1.2)
      multi_json (~> 1.0)
      rack (~> 1.0)
      tilt (~> 1.1, != 1.3.0)
    sprockets-rails (2.0.1)
      actionpack (>= 3.0)
      activesupport (>= 3.0)
      sprockets (~> 2.8)
    test_after_commit (0.2.3)
    thinking-sphinx (3.1.0)
      activerecord (>= 3.1.0)
      builder (>= 2.1.2)
      innertube (>= 1.0.2)
      joiner (>= 0.2.0)
      middleware (>= 0.1.0)
      riddle (>= 1.5.10)
    thor (0.19.0)
    thread_safe (0.3.3)
    tilt (1.4.1)
    treetop (1.4.15)
      polyglot
      polyglot (>= 0.3.1)
    twitter (4.8.1)
      faraday (~> 0.8, < 0.10)
      multi_json (~> 1.0)
      simple_oauth (~> 0.2)
    twitter-text (1.9.0)
      unf (~> 0.1.0)
    tzinfo (0.3.39)
    uglifier (2.5.0)
      execjs (>= 0.3.0)
      json (>= 1.8.0)
    unf (0.1.3)
      unf_ext
    unf_ext (0.0.6)
    uri_template (0.7.0)
    vegas (0.1.11)
      rack (>= 1.0.0)
    webmock (1.17.4)
      addressable (>= 2.2.7)
      crack (>= 0.3.2)
    xpath (2.0.0)
      nokogiri (~> 1.3)

PLATFORMS
  ruby

DEPENDENCIES
  asset_host_client (~> 1.2)
  audio_vision (~> 1.0)
  bcrypt-ruby (~> 3.1.0)
  bootstrap-sass (~> 2.2)
  capistrano (~> 2.0)
  capybara (~> 2.0)
  carrierwave (~> 0.6)
  coffee-rails (~> 4.0.0)
  database_cleaner
  dbsync (~> 0.3.0)
  eco (~> 1.0)
  embeditor-rails!
  escape_utils (~> 1.0.1)
  factory_girl_rails
  faraday (~> 0.8)
  faraday_middleware (~> 0.8)
  guard (~> 1.5)
  guard-resque
  guard-rspec
  hashie (~> 1.2.0)
  ice_cube (~> 0.11.0)
  jbuilder (~> 1.5.3)
  jquery-rails (~> 3.1.0)
  kaminari (~> 0.15.0)
  launchy
  mysql2 (~> 0.3.14)
  newrelic_rpm (~> 3.7)
  npr (~> 2.0)
  oauth2 (~> 0.8)
  outpost-aggregator!
  outpost-asset_host!
  outpost-cms!
  outpost-publishing!
  outpost-secretary!
  parse-ruby-client (~> 0.1.15)
  pmp (= 0.3.1)
  postmark-rails (~> 0.6.0)
  pry
  rails (~> 4.0.0)
  rb-fsevent (~> 0.9)
  recaptcha
  redis-content-store!
  resque (~> 1.26.pre.0)
  rspec-rails (~> 2.14.0)
  ruby-mp3info (~> 0.8.2)
  sanitize (~> 2.0)
  sass-rails (~> 4.0.0)
  secretary-rails (~> 1.1)
  select2-rails (= 3.4.1)
  shoulda-matchers
  simple_form (~> 3.0.0)
  test_after_commit
  thinking-sphinx (~> 3.1.0)
  twitter (~> 4.1)
  twitter-text (~> 1.5)
  uglifier (>= 1.3)
  webmock
