GIT
  remote: git://github.com/SCPR/embeditor-rails.git
  revision: ec6f1eb29a076fc4e5febc67fad4016a97f003a0
  specs:
    embeditor-rails (2.1.0)
      actionpack (>= 3.2.0, < 5)
      coffee-rails (>= 3.2.0, < 5)
      eco (~> 1.0.0)

GIT
  remote: git://github.com/SCPR/outpost-secretary.git
  revision: 8e47cd33f45f2a2b55d85fbc7b7521b17352bba2
  tag: v0.1.1
  specs:
    outpost-secretary (0.1.1)
      outpost-cms (>= 0.0.1, < 1)
      secretary-rails (>= 1.0.0, < 3)

GIT
  remote: git://github.com/SCPR/outpost.git
  revision: 925b5a833c7d140f1eac4360aa2e930c568d2aee
  tag: v0.1.6
  specs:
    outpost-cms (0.1.6)
      bcrypt-ruby (>= 3.0.0, < 4)
      jquery-rails (~> 3.0)
      kaminari (~> 0.15.1)
      rails (>= 3.2, < 5)
      select2-rails (= 3.4.1)

GIT
  remote: git://github.com/SCPR/resque-pool.git
  revision: dc5523cbc452c8ebc5d117e90a01f01c6165db3f
  specs:
    resque-pool (0.4.0.rc1)
      rake
      resque (~> 1.22)
      trollop (~> 1.16)

GIT
  remote: git://github.com/scpr/asset_host_client.git
  revision: b097a1f9b5b78390bd2bb33f43625c2ea5e43936
  tag: v2.0.0
  specs:
    asset_host_client (2.0.0)
      faraday (~> 0.8)
      faraday_middleware (~> 0.8)
      rails (>= 3.0, < 5)

GIT
  remote: git://github.com/scpr/npr.git
  revision: 8d423d530d287ba4852b705999085dfe7c1e2895
  specs:
    npr (2.0.2)
      faraday (~> 0.8.0)
      faraday_middleware (~> 0.9.0)

GIT
  remote: git://github.com/sheerun/parse-ruby-client.git
  revision: a4eb5618c8167e88857b449cd522b23a8b0c02e9
  ref: a4eb5618c8167e88857b449cd522b23a8b0c02e9
  specs:
    parse-ruby-client (0.2.0)
      faraday
      faraday_middleware
      yajl-ruby

GIT
  remote: git@github.com:circleci/rspec_junit_formatter.git
  revision: 7b098c8ab2ac5e5f78190b51629ed6d67a9de4d1
  specs:
    rspec_junit_formatter (0.2.0)
      builder (< 4)
      rspec (>= 2, < 4)
      rspec-core (!= 2.12.0)

GEM
  remote: https://rubygems.org/
  specs:
    actionmailer (4.2.1)
      actionpack (= 4.2.1)
      actionview (= 4.2.1)
      activejob (= 4.2.1)
      mail (~> 2.5, >= 2.5.4)
      rails-dom-testing (~> 1.0, >= 1.0.5)
    actionpack (4.2.1)
      actionview (= 4.2.1)
      activesupport (= 4.2.1)
      rack (~> 1.6)
      rack-test (~> 0.6.2)
      rails-dom-testing (~> 1.0, >= 1.0.5)
      rails-html-sanitizer (~> 1.0, >= 1.0.1)
    actionview (4.2.1)
      activesupport (= 4.2.1)
      builder (~> 3.1)
      erubis (~> 2.7.0)
      rails-dom-testing (~> 1.0, >= 1.0.5)
      rails-html-sanitizer (~> 1.0, >= 1.0.1)
    activejob (4.2.1)
      activesupport (= 4.2.1)
      globalid (>= 0.3.0)
    activemodel (4.2.1)
      activesupport (= 4.2.1)
      builder (~> 3.1)
    activerecord (4.2.1)
      activemodel (= 4.2.1)
      activesupport (= 4.2.1)
      arel (~> 6.0)
    activesupport (4.2.1)
      i18n (~> 0.7)
      json (~> 1.7, >= 1.7.7)
      minitest (~> 5.1)
      thread_safe (~> 0.3, >= 0.3.4)
      tzinfo (~> 1.1)
    addressable (2.3.6)
    ansi (1.4.3)
    arel (6.0.0)
    audio_vision (1.0.0)
      faraday (~> 0.8.8)
      faraday_middleware (~> 0.9.0)
    bcrypt (3.1.7)
    bcrypt-ruby (3.1.5)
      bcrypt (>= 3.1.3)
    bootstrap-sass (2.3.2.2)
      sass (~> 3.2)
    builder (3.2.2)
    capybara (2.4.4)
      mime-types (>= 1.16)
      nokogiri (>= 1.3.3)
      rack (>= 1.0.0)
      rack-test (>= 0.5.4)
      xpath (~> 2.0)
    carrierwave (0.10.0)
      activemodel (>= 3.2.0)
      activesupport (>= 3.2.0)
      json (>= 1.7)
      mime-types (>= 1.16)
    climate_control (0.0.3)
      activesupport (>= 3.0)
    cocaine (0.5.4)
      climate_control (>= 0.0.3, < 1.0)
    coderay (1.1.0)
    coffee-rails (4.0.1)
      coffee-script (>= 2.2.0)
      railties (>= 4.0.0, < 5.0)
    coffee-script (2.4.1)
      coffee-script-source
      execjs
    coffee-script-source (1.9.1.1)
    crack (0.4.2)
      safe_yaml (~> 1.0.0)
    dalli (2.7.2)
    database_cleaner (1.4.1)
    dbsync (1.0.0.beta4)
      cocaine (>= 0.5.0, < 0.6)
    diff-lcs (1.2.5)
    diffy (3.0.7)
    eco (1.0.0)
      coffee-script
      eco-source
      execjs
    eco-source (1.1.0.rc.1)
    elasticsearch (1.0.8)
      elasticsearch-api (= 1.0.7)
      elasticsearch-transport (= 1.0.7)
    elasticsearch-api (1.0.7)
      multi_json
    elasticsearch-extensions (0.0.17)
      ansi
      ruby-prof
    elasticsearch-model (0.1.7)
      activesupport (> 3)
      elasticsearch (> 0.4)
      hashie
    elasticsearch-rails (0.1.7)
    elasticsearch-transport (1.0.7)
      faraday
      multi_json
    erubis (2.7.0)
    escape_utils (1.0.1)
    excon (0.39.5)
    execjs (2.5.2)
    factory_girl (4.4.0)
      activesupport (>= 3.0.0)
    factory_girl_rails (4.4.1)
      factory_girl (~> 4.4.0)
      railties (>= 3.0.0)
    faraday (0.8.9)
      multipart-post (~> 1.2.0)
    faraday_middleware (0.9.1)
      faraday (>= 0.7.4, < 0.10)
    ffi (1.9.8)
    formatador (0.2.5)
    globalid (0.3.5)
      activesupport (>= 4.1.0)
    guard (1.8.3)
      formatador (>= 0.2.4)
      listen (~> 1.3)
      lumberjack (>= 1.0.2)
      pry (>= 0.9.10)
      thor (>= 0.14.6)
    guard-resque (0.0.5)
      guard (>= 0.8)
      resque
    guard-rspec (1.2.1)
      guard (>= 1.1)
    hashie (1.2.0)
    hike (1.2.3)
    i18n (0.7.0)
    ice_cube (0.11.3)
    jbuilder (1.5.3)
      activesupport (>= 3.0.0)
      multi_json (>= 1.2.0)
    jquery-rails (3.1.2)
      railties (>= 3.0, < 5.0)
      thor (>= 0.14, < 2.0)
    json (1.8.3)
    jwt (0.1.11)
      multi_json (>= 1.5)
    kaminari (0.15.1)
      actionpack (>= 3.0.0)
      activesupport (>= 3.0.0)
    launchy (2.4.2)
      addressable (~> 2.3)
    listen (1.3.1)
      rb-fsevent (>= 0.9.3)
      rb-inotify (>= 0.9)
      rb-kqueue (>= 0.2)
    loofah (2.0.2)
      nokogiri (>= 1.5.9)
    lumberjack (1.0.9)
    mail (2.6.3)
      mime-types (>= 1.16, < 3)
    method_source (0.8.2)
    mime-types (2.5)
    mini_portile (0.6.2)
    minitest (5.7.0)
    mono_logger (1.1.0)
    multi_json (1.11.0)
    multi_xml (0.5.5)
    multipart-post (1.2.0)
    mysql2 (0.3.15)
    newrelic_rpm (3.11.2.286)
    nokogiri (1.6.6.2)
      mini_portile (~> 0.6.0)
    oauth2 (0.9.3)
      faraday (>= 0.8, < 0.10)
      jwt (~> 0.1.8)
      multi_json (~> 1.3)
      multi_xml (~> 0.5)
      rack (~> 1.2)
    outpost-aggregator (1.2.0)
    outpost-asset_host (1.1.1)
    outpost-publishing (1.0.1)
    patron (0.4.18)
    pmp (0.4.0)
      activesupport
      excon
      faraday
      faraday_middleware
      hashie
      multi_json
      oauth2
      uri_template
    postmark (1.1.2)
      json
      rake
    postmark-rails (0.6.0)
      actionmailer (>= 3.0.0)
      postmark (~> 1.1.0)
    pry (0.10.1)
      coderay (~> 1.1.0)
      method_source (~> 0.8.1)
      slop (~> 3.4)
    rack (1.6.1)
    rack-protection (1.5.3)
      rack
    rack-test (0.6.3)
      rack (>= 1.0)
    rack-utf8_sanitizer (1.2.2)
      rack (~> 1.0)
    rails (4.2.1)
      actionmailer (= 4.2.1)
      actionpack (= 4.2.1)
      actionview (= 4.2.1)
      activejob (= 4.2.1)
      activemodel (= 4.2.1)
      activerecord (= 4.2.1)
      activesupport (= 4.2.1)
      bundler (>= 1.3.0, < 2.0)
      railties (= 4.2.1)
      sprockets-rails
    rails-deprecated_sanitizer (1.0.3)
      activesupport (>= 4.2.0.alpha)
    rails-dom-testing (1.0.6)
      activesupport (>= 4.2.0.beta, < 5.0)
      nokogiri (~> 1.6.0)
      rails-deprecated_sanitizer (>= 1.0.1)
    rails-html-sanitizer (1.0.2)
      loofah (~> 2.0)
    railties (4.2.1)
      actionpack (= 4.2.1)
      activesupport (= 4.2.1)
      rake (>= 0.8.7)
      thor (>= 0.18.1, < 2.0)
    rake (10.4.2)
    rb-fsevent (0.9.4)
    rb-inotify (0.9.5)
      ffi (>= 0.5.0)
    rb-kqueue (0.2.4)
      ffi (>= 0.5.0)
    recaptcha (0.3.6)
    redis (3.0.7)
    redis-actionpack (4.0.0)
      actionpack (~> 4)
      redis-rack (~> 1.5.0)
      redis-store (~> 1.1.0)
    redis-activesupport (4.0.0)
      activesupport (~> 4)
      redis-store (~> 1.1.0)
    redis-namespace (1.4.1)
      redis (~> 3.0.4)
    redis-rack (1.5.0)
      rack (~> 1.5)
      redis-store (~> 1.1.0)
    redis-rails (4.0.0)
      redis-actionpack (~> 4)
      redis-activesupport (~> 4)
      redis-store (~> 1.1.0)
    redis-store (1.1.4)
      redis (>= 2.2)
    render_anywhere (0.0.11)
      rails (>= 3.0.7)
    responders (2.1.0)
      railties (>= 4.2.0, < 5)
    resque (1.26.pre.0)
      mono_logger (~> 1.0)
      multi_json (~> 1.0)
      redis-namespace (~> 1.2)
      sinatra (>= 0.9.2)
      vegas (~> 0.1.2)
    rspec (3.2.0)
      rspec-core (~> 3.2.0)
      rspec-expectations (~> 3.2.0)
      rspec-mocks (~> 3.2.0)
    rspec-core (3.2.0)
      rspec-support (~> 3.2.0)
    rspec-expectations (3.2.1)
      diff-lcs (>= 1.2.0, < 2.0)
      rspec-support (~> 3.2.0)
    rspec-mocks (3.2.1)
      diff-lcs (>= 1.2.0, < 2.0)
      rspec-support (~> 3.2.0)
    rspec-rails (3.2.1)
      actionpack (>= 3.0, < 4.3)
      activesupport (>= 3.0, < 4.3)
      railties (>= 3.0, < 4.3)
      rspec-core (~> 3.2.0)
      rspec-expectations (~> 3.2.0)
      rspec-mocks (~> 3.2.0)
      rspec-support (~> 3.2.0)
    rspec-support (3.2.2)
    ruby-mp3info (0.8.4)
    ruby-prof (0.15.2)
    rufus-scheduler (3.0.9)
      tzinfo
    safe_yaml (1.0.3)
    sanitize (2.1.0)
      nokogiri (>= 1.4.4)
    sass (3.4.8)
    sass-rails (5.0.0.beta1)
      railties (>= 4.0.0, < 5.0)
      sass (~> 3.2)
      sprockets (~> 2.12)
      sprockets-rails (>= 2.0, < 4.0)
    secretary-rails (2.0.1)
      activerecord (>= 4.0.0, < 6)
      diffy (>= 3.0, < 4)
      railties (>= 4.0.0, < 6)
    select2-rails (3.4.1)
      sass-rails
      thor (~> 0.14)
    shoulda-matchers (2.6.1)
      activesupport (>= 3.0.0)
    simple_form (3.1.0)
      actionpack (~> 4.0)
      activemodel (~> 4.0)
    simple_oauth (0.2.0)
    sinatra (1.4.5)
      rack (~> 1.4)
      rack-protection (~> 1.4)
      tilt (~> 1.3, >= 1.3.4)
    slack-notifier (1.0.0)
    slop (3.6.0)
    sprockets (2.12.3)
      hike (~> 1.2)
      multi_json (~> 1.0)
      rack (~> 1.0)
      tilt (~> 1.1, != 1.3.0)
    sprockets-rails (2.2.4)
      actionpack (>= 3.0)
      activesupport (>= 3.0)
      sprockets (>= 2.8, < 4.0)
    test_after_commit (0.4.1)
      activerecord (>= 3.2)
    thor (0.19.1)
    thread_safe (0.3.5)
    tilt (1.4.1)
    trollop (1.16.2)
    twitter (4.8.1)
      faraday (~> 0.8, < 0.10)
      multi_json (~> 1.0)
      simple_oauth (~> 0.2)
    twitter-text (1.9.0)
      unf (~> 0.1.0)
    tzinfo (1.2.2)
      thread_safe (~> 0.1)
    uglifier (2.5.0)
      execjs (>= 0.3.0)
      json (>= 1.8.0)
    unf (0.1.4)
      unf_ext
    unf_ext (0.0.6)
    uri_template (0.7.0)
    vegas (0.1.11)
      rack (>= 1.0.0)
    webmock (1.17.4)
      addressable (>= 2.2.7)
      crack (>= 0.3.2)
    xpath (2.0.0)
      nokogiri (~> 1.3)
    yajl-ruby (1.2.0)

PLATFORMS
  ruby

DEPENDENCIES
  asset_host_client!
  audio_vision (~> 1.0)
  bcrypt-ruby (~> 3.1.0)
  bootstrap-sass (~> 2.2)
  capybara (~> 2.0)
  carrierwave (~> 0.6)
  coffee-rails (~> 4.0.0)
  dalli
  database_cleaner
  dbsync (>= 1.0.0.beta4)
  eco (~> 1.0)
  elasticsearch
  elasticsearch-extensions
  elasticsearch-model
  elasticsearch-rails
  embeditor-rails!
  escape_utils (~> 1.0.1)
  factory_girl_rails
  faraday (~> 0.8)
  faraday_middleware (~> 0.8)
  guard (~> 1.5)
  guard-resque
  guard-rspec
  hashie (~> 1.2.0)
  ice_cube (~> 0.11.0)
  jbuilder (~> 1.5.3)
  jquery-rails (~> 3.1.0)
  kaminari (~> 0.15.0)
  launchy
  mysql2 (~> 0.3.14)
  newrelic_rpm (~> 3.7)
  npr (~> 2.0)!
  oauth2 (~> 0.8)
  outpost-aggregator
  outpost-asset_host
  outpost-cms!
  outpost-publishing
  outpost-secretary!
  parse-ruby-client!
  patron
  pmp (= 0.4.0)
  postmark-rails (~> 0.6.0)
  pry
  rack-utf8_sanitizer
  rails (~> 4.2.0)
  rb-fsevent (~> 0.9)
  recaptcha
  redis-rails
  render_anywhere
  responders (~> 2.0)
  resque (~> 1.26.pre.0)
  resque-pool!
  rspec-rails (~> 3.2.1)
  rspec_junit_formatter!
  ruby-mp3info (~> 0.8.2)
  ruby-prof
  rufus-scheduler
  sanitize (~> 2.0)
  sass-rails (= 5.0.0beta1)
  secretary-rails (~> 2.0.1)
  select2-rails (= 3.4.1)
  shoulda-matchers
  simple_form (~> 3.1.0)
  slack-notifier
  test_after_commit
  twitter (~> 4.1)
  twitter-text (~> 1.5)
  uglifier (>= 1.3)
  webmock
  yajl-ruby
